GIT
  remote: git://github.com/livingsocial/rake-pipeline.git
  revision: 9008ba072c7a97f4c730e779358e8a0ad7b8d194
  specs:
    rake-pipeline (0.6.0)
      rake (~> 0.9.0)
      thor

GIT
  remote: git://github.com/wycats/rake-pipeline-web-filters.git
  revision: 51915f60889fbf54fc2e81b86b594bf4c7be4ea5
  specs:
    rake-pipeline-web-filters (0.6.0)
      rack
      rake-pipeline (~> 0.6)

GEM
  remote: http://rubygems.org/
  specs:
    colored (1.2)
    rack (1.4.1)
    rake (0.9.2.2)
    thor (0.15.4)

PLATFORMS
  ruby

DEPENDENCIES
  colored
  rake-pipeline!
  rake-pipeline-web-filters!
